GEM
  specs:
    rubywarrior (0.1.3)

PLATFORMS
  ruby

DEPENDENCIES
  rubywarrior
